{
  "Modality": "MR",
  "MagneticFieldStrength": 3,
  "ImagingFrequency": 123.252312,
  "Manufacturer": "Siemens",
  "ManufacturersModelName": "MAGNETOM Vida",
  "InstitutionName": "UNIVERSITY OF SOUTH CAROLINA",
  "InstitutionalDepartmentName": "None",
  "InstitutionAddress": " ,COLUMBIA,SOUTH CAROLINA,US,",
  "DeviceSerialNumber": "177514",
  "StationName": "AWP177514",
  "SeriesInstanceUID": "1.3.12.2.1107.5.2.50.177514.2026070911130389515593234.0.0.0",
  "StudyInstanceUID": "1.3.12.2.1107.5.2.50.177514.30000026070716143061800000011",
  "StudyID": "0c644172-cce4-4a",
  "BodyPart": "BRAIN",
  "PatientPosition": "HFS",
  "ProcedureStepDescription": "crlab generic",
  "SoftwareVersions": "syngo MR XA60",
  "MRAcquisitionType": "2D",
  "StudyDescription": "crlab generic",
  "SeriesDescription": "func-bold_task-rest_acq-2d-3echo_run-3_SBRef",
  "ProtocolName": "func-bold_task-rest_acq-2d-3echo_run-3",
  "ScanningSequence": "EP",
  "SequenceVariant": "SK\\SS",
  "PulseSequenceType": "Gradient Echo EPI",
  "ScanOptions": "PFP\\FS",
  "SequenceName": "epfid2d3_76",
  "ImageType": [
    "ORIGINAL",
    "PRIMARY",
    "FMRI",
    "NONE",
    "MAGNITUDE"
  ],
  "ImageTypeText": [
    "ORIGINAL",
    "PRIMARY",
    "M",
    "TE1",
    "ND",
    "NORM"
  ],
  "NonlinearGradientCorrection": false,
  "SeriesNumber": 42,
  "AcquisitionTime": "11:13:16.857500",
  "AcquisitionDateTime": "2026-07-09T11:13:16.857500",
  "AcquisitionNumber": 1,
  "ImageComments": "Not for diagnostic use, Single-band reference",
  "SliceThickness": 2.8,
  "SpacingBetweenSlices": 2.8,
  "TablePosition": [
    0,
    0,
    0
  ],
  "EchoNumber": 1,
  "EchoTime": 0.0148,
  "RepetitionTime": 1.891,
  "MTState": false,
  "SpoilingState": false,
  "FlipAngle": 55,
  "PartialFourier": 0.875,
  "BaseResolution": 76,
  "ShimSetting": [
    -2874,
    -8809,
    -8942,
    530,
    -82,
    38,
    371,
    168
  ],
  "TxRefAmp": 452.595,
  "PhaseResolution": 1,
  "ReceiveCoilName": "HeadNeck_20_TCS",
  "ReceiveCoilActiveElements": "HE1-4;NE2",
  "CoilString": "HeadNeck_20_TCS",
  "PulseSequenceDetails": "%CustomerSeq%\\cmrr_mbep2d_bold",
  "WipMemBlock": "57f309bd-9ef9-4b4b-898a-a091cffbb1fe||Sequence: R017 nxva60a/main r/aad535ed0; Sep 23 2025 13:47:26 by eja",
  "RefLinesPE": 30,
  "CoilCombinationMethod": "Sum of Squares",
  "ConsistencyInfo": "66010002",
  "MatrixCoilMode": "GRAPPA",
  "PercentPhaseFOV": 100,
  "PercentSampling": 100,
  "EchoTrainLength": 34,
  "PartialFourierDirection": "PHASE",
  "PhaseEncodingSteps": 76,
  "FrequencyEncodingSteps": 76,
  "AcquisitionMatrixPE": 76,
  "ReconMatrixPE": 76,
  "BandwidthPerPixelPhaseEncode": 48.733,
  "ParallelReductionFactorInPlane": 2,
  "ParallelAcquisitionTechnique": "GRAPPA",
  "ParallelReductionFactorOutOfPlane": 1,
  "EffectiveEchoSpacing": 0.00027,
  "DerivedVendorReportedEchoSpacing": 0.000539999,
  "AcquisitionDuration": 284.66,
  "NumberOfKSpaceTrajectories": 1,
  "TotalReadoutTime": 0.02025,
  "PixelBandwidth": 2193,
  "DwellTime": 3e-06,
  "PhaseEncodingDirection": "j",
  "SliceTiming": [
    0,
    0.08,
    0.1625,
    0.2425,
    0.325,
    0.405,
    0.4875,
    0.5675,
    0.65,
    0.73,
    0.8125,
    0.8925,
    0.975,
    1.0575,
    1.1375,
    1.22,
    1.3,
    1.3825,
    1.4625,
    1.545,
    1.625,
    1.7075,
    1.7875,
    1.87,
    1.95,
    2.0325,
    2.1125,
    2.195,
    2.2775,
    2.3575,
    2.44,
    2.52,
    2.6025,
    2.6825,
    2.765,
    2.845,
    2.9275,
    3.0075,
    3.09,
    3.17,
    3.2525,
    3.335,
    3.415,
    3.4975,
    3.5775,
    3.66
  ],
  "ImageOrientationPatientDICOM": [
    0.999382,
    -0.000480543,
    -0.0351478,
    -0.00156983,
    0.998299,
    -0.0582848
  ],
  "InPlanePhaseEncodingDirectionDICOM": "COL",
  "BidsGuess": [
    "func",
    "_acq-epfid2p2_dir-PA_run-42_echo-1_sbref"
  ],
  "ConversionSoftware": "dcm2niix",
  "ConversionSoftwareVersion": "v1.0.20260627",
  "TaskName": "rest"
}