{
  "Modality": "MR",
  "MagneticFieldStrength": 3,
  "ImagingFrequency": 123.252312,
  "Manufacturer": "Siemens",
  "ManufacturersModelName": "MAGNETOM Vida",
  "InstitutionName": "UNIVERSITY OF SOUTH CAROLINA",
  "InstitutionalDepartmentName": "None",
  "InstitutionAddress": " ,COLUMBIA,SOUTH CAROLINA,US,",
  "DeviceSerialNumber": "177514",
  "StationName": "AWP177514",
  "SeriesInstanceUID": "1.3.12.2.1107.5.2.50.177514.2026070911130389515593234.0.0.0",
  "StudyInstanceUID": "1.3.12.2.1107.5.2.50.177514.30000026070716143061800000011",
  "StudyID": "0c644172-cce4-4a",
  "BodyPart": "BRAIN",
  "PatientPosition": "HFS",
  "ProcedureStepDescription": "crlab generic",
  "SoftwareVersions": "syngo MR XA60",
  "MRAcquisitionType": "2D",
  "StudyDescription": "crlab generic",
  "SeriesDescription": "func-bold_task-rest_acq-2d-3echo_run-3_SBRef",
  "ProtocolName": "func-bold_task-rest_acq-2d-3echo_run-3",
  "ScanningSequence": "EP",
  "SequenceVariant": "SK\\SS",
  "PulseSequenceType": "Gradient Echo EPI",
  "ScanOptions": "PFP\\FS",
  "SequenceName": "epfid2d3_76",
  "ImageType": [
    "ORIGINAL",
    "PRIMARY",
    "FMRI",
    "NONE",
    "MAGNITUDE"
  ],
  "ImageTypeText": [
    "ORIGINAL",
    "PRIMARY",
    "M",
    "TE3",
    "ND",
    "NORM"
  ],
  "NonlinearGradientCorrection": false,
  "SeriesNumber": 42,
  "AcquisitionTime": "11:13:16.897500",
  "AcquisitionDateTime": "2026-07-09T11:13:16.897500",
  "AcquisitionNumber": 1,
  "ImageComments": "Not for diagnostic use, Single-band reference",
  "SliceThickness": 2.8,
  "SpacingBetweenSlices": 2.8,
  "TablePosition": [
    0,
    0,
    0
  ],
  "EchoNumber": 3,
  "EchoTime": 0.05394,
  "RepetitionTime": 1.891,
  "MTState": false,
  "SpoilingState": false,
  "FlipAngle": 55,
  "PartialFourier": 0.875,
  "BaseResolution": 76,
  "ShimSetting": [
    -2874,
    -8809,
    -8942,
    530,
    -82,
    38,
    371,
    168
  ],
  "TxRefAmp": 452.595,
  "PhaseResolution": 1,
  "ReceiveCoilName": "HeadNeck_20_TCS",
  "ReceiveCoilActiveElements": "HE1-4;NE2",
  "CoilString": "HeadNeck_20_TCS",
  "PulseSequenceDetails": "%CustomerSeq%\\cmrr_mbep2d_bold",
  "WipMemBlock": "57f309bd-9ef9-4b4b-898a-a091cffbb1fe||Sequence: R017 nxva60a/main r/aad535ed0; Sep 23 2025 13:47:26 by eja",
  "RefLinesPE": 30,
  "CoilCombinationMethod": "Sum of Squares",
  "ConsistencyInfo": "66010002",
  "MatrixCoilMode": "GRAPPA",
  "PercentPhaseFOV": 100,
  "PercentSampling": 100,
  "EchoTrainLength": 34,
  "PartialFourierDirection": "PHASE",
  "PhaseEncodingSteps": 76,
  "FrequencyEncodingSteps": 76,
  "AcquisitionMatrixPE": 76,
  "ReconMatrixPE": 76,
  "BandwidthPerPixelPhaseEncode": 48.733,
  "ParallelReductionFactorInPlane": 2,
  "ParallelAcquisitionTechnique": "GRAPPA",
  "ParallelReductionFactorOutOfPlane": 1,
  "EffectiveEchoSpacing": 0.00027,
  "DerivedVendorReportedEchoSpacing": 0.000539999,
  "AcquisitionDuration": 284.66,
  "NumberOfKSpaceTrajectories": 1,
  "TotalReadoutTime": 0.02025,
  "PixelBandwidth": 2193,
  "DwellTime": 3e-06,
  "PhaseEncodingDirection": "j",
  "SliceTiming": [
    3.83,
    3.9125,
    3.9925,
    4.075,
    4.155,
    4.2375,
    4.3175,
    4.4,
    4.48,
    4.5625,
    4.6425,
    4.725,
    4.8075,
    4.8875,
    4.97,
    5.05,
    5.1325,
    5.2125,
    5.295,
    5.375,
    5.4575,
    5.5375,
    5.62,
    5.7,
    5.7825,
    5.8625,
    5.945,
    6.0275,
    6.1075,
    6.19,
    6.27,
    6.3525,
    6.4325,
    6.515,
    6.595,
    6.6775,
    6.7575,
    6.84,
    6.92,
    7.0025,
    7.085,
    7.165,
    7.2475,
    7.3275,
    7.41,
    7.49
  ],
  "ImageOrientationPatientDICOM": [
    0.999382,
    -0.000480543,
    -0.0351478,
    -0.00156983,
    0.998299,
    -0.0582848
  ],
  "InPlanePhaseEncodingDirectionDICOM": "COL",
  "BidsGuess": [
    "func",
    "_acq-epfid2p2_dir-PA_run-42_echo-3_sbref"
  ],
  "ConversionSoftware": "dcm2niix",
  "ConversionSoftwareVersion": "v1.0.20260627",
  "TaskName": "rest"
}