{
  "Modality": "MR",
  "MagneticFieldStrength": 3,
  "ImagingFrequency": 123.252312,
  "Manufacturer": "Siemens",
  "ManufacturersModelName": "MAGNETOM Vida",
  "InstitutionName": "UNIVERSITY OF SOUTH CAROLINA",
  "InstitutionalDepartmentName": "None",
  "InstitutionAddress": " ,COLUMBIA,SOUTH CAROLINA,US,",
  "DeviceSerialNumber": "177514",
  "StationName": "AWP177514",
  "SeriesInstanceUID": "1.3.12.2.1107.5.2.50.177514.2026070911130389593893238.0.0.0",
  "StudyInstanceUID": "1.3.12.2.1107.5.2.50.177514.30000026070716143061800000011",
  "StudyID": "0c644172-cce4-4a",
  "BodyPart": "BRAIN",
  "PatientPosition": "HFS",
  "ProcedureStepDescription": "crlab generic",
  "SoftwareVersions": "syngo MR XA60",
  "MRAcquisitionType": "2D",
  "StudyDescription": "crlab generic",
  "SeriesDescription": "func-bold_task-rest_acq-2d-3echo_run-3_SBRef_Pha",
  "ProtocolName": "func-bold_task-rest_acq-2d-3echo_run-3",
  "ScanningSequence": "EP",
  "SequenceVariant": "SK\\SS",
  "PulseSequenceType": "Gradient Echo EPI",
  "ScanOptions": "PFP\\FS",
  "SequenceName": "epfid2d3_76",
  "ImageType": [
    "ORIGINAL",
    "PRIMARY",
    "FMRI",
    "NONE",
    "PHASE"
  ],
  "ImageTypeText": [
    "ORIGINAL",
    "PRIMARY",
    "P",
    "TE2",
    "ND"
  ],
  "NonlinearGradientCorrection": false,
  "SeriesNumber": 43,
  "AcquisitionTime": "11:13:16.877500",
  "AcquisitionDateTime": "2026-07-09T11:13:16.877500",
  "AcquisitionNumber": 1,
  "ImageComments": "Not for diagnostic use, Single-band reference",
  "SliceThickness": 2.8,
  "SpacingBetweenSlices": 2.8,
  "TablePosition": [
    0,
    0,
    0
  ],
  "EchoNumber": 2,
  "EchoTime": 0.03438,
  "RepetitionTime": 1.891,
  "MTState": false,
  "SpoilingState": false,
  "FlipAngle": 55,
  "EchoTime1": 0.0148,
  "EchoTime2": 0.03438,
  "PartialFourier": 0.875,
  "BaseResolution": 76,
  "ShimSetting": [
    -2874,
    -8809,
    -8942,
    530,
    -82,
    38,
    371,
    168
  ],
  "TxRefAmp": 452.595,
  "PhaseResolution": 1,
  "ReceiveCoilName": "HeadNeck_20_TCS",
  "ReceiveCoilActiveElements": "HE1-4;NE2",
  "CoilString": "HeadNeck_20_TCS",
  "PulseSequenceDetails": "%CustomerSeq%\\cmrr_mbep2d_bold",
  "WipMemBlock": "57f309bd-9ef9-4b4b-898a-a091cffbb1fe||Sequence: R017 nxva60a/main r/aad535ed0; Sep 23 2025 13:47:26 by eja",
  "RefLinesPE": 30,
  "CoilCombinationMethod": "Sum of Squares",
  "ConsistencyInfo": "66010002",
  "MatrixCoilMode": "GRAPPA",
  "PercentPhaseFOV": 100,
  "PercentSampling": 100,
  "EchoTrainLength": 34,
  "PartialFourierDirection": "PHASE",
  "PhaseEncodingSteps": 76,
  "FrequencyEncodingSteps": 76,
  "AcquisitionMatrixPE": 76,
  "ReconMatrixPE": 76,
  "BandwidthPerPixelPhaseEncode": 48.733,
  "ParallelReductionFactorInPlane": 2,
  "ParallelAcquisitionTechnique": "GRAPPA",
  "ParallelReductionFactorOutOfPlane": 1,
  "EffectiveEchoSpacing": 0.00027,
  "DerivedVendorReportedEchoSpacing": 0.000539999,
  "AcquisitionDuration": 284.66,
  "NumberOfKSpaceTrajectories": 1,
  "TotalReadoutTime": 0.02025,
  "PixelBandwidth": 2193,
  "DwellTime": 3e-06,
  "PhaseEncodingDirection": "j",
  "SliceTiming": [
    3.81,
    3.8925,
    3.9725,
    4.055,
    4.135,
    4.2175,
    4.2975,
    4.38,
    4.4625,
    4.5425,
    4.625,
    4.705,
    4.7875,
    4.8675,
    4.95,
    5.03,
    5.1125,
    5.1925,
    5.275,
    5.355,
    5.4375,
    5.52,
    5.6,
    5.6825,
    5.7625,
    5.845,
    5.925,
    6.0075,
    6.0875,
    6.17,
    6.25,
    6.3325,
    6.4125,
    6.495,
    6.575,
    6.6575,
    6.74,
    6.82,
    6.9025,
    6.9825,
    7.065,
    7.145,
    7.2275,
    7.3075,
    7.39,
    7.47
  ],
  "ImageOrientationPatientDICOM": [
    0.999382,
    -0.000480543,
    -0.0351478,
    -0.00156983,
    0.998299,
    -0.0582848
  ],
  "InPlanePhaseEncodingDirectionDICOM": "COL",
  "BidsGuess": [
    "func",
    "_acq-epfid2p2_dir-PA_run-43_echo-2_part-phase_sbref"
  ],
  "ConversionSoftware": "dcm2niix",
  "ConversionSoftwareVersion": "v1.0.20260627",
  "Units": "arbitrary",
  "TaskName": "rest"
}