{
  "Modality": "MR",
  "MagneticFieldStrength": 3,
  "ImagingFrequency": 123.25231,
  "Manufacturer": "Siemens",
  "ManufacturersModelName": "MAGNETOM Vida",
  "InstitutionName": "UNIVERSITY OF SOUTH CAROLINA",
  "InstitutionalDepartmentName": "None",
  "InstitutionAddress": " ,COLUMBIA,SOUTH CAROLINA,US,",
  "DeviceSerialNumber": "177514",
  "StationName": "AWP177514",
  "SeriesInstanceUID": "1.3.12.2.1107.5.2.50.177514.2026070911080371564745337.0.0.0",
  "StudyInstanceUID": "1.3.12.2.1107.5.2.50.177514.30000026070716143061800000011",
  "StudyID": "0c644172-cce4-4a",
  "BodyPart": "BRAIN",
  "PatientPosition": "HFS",
  "ProcedureStepDescription": "crlab generic",
  "SoftwareVersions": "syngo MR XA60",
  "MRAcquisitionType": "2D",
  "StudyDescription": "crlab generic",
  "SeriesDescription": "func-bold_task-rest_acq-2d-2echo_run-2",
  "ProtocolName": "func-bold_task-rest_acq-2d-2echo_run-2",
  "ScanningSequence": "EP",
  "SequenceVariant": "SK\\SS",
  "PulseSequenceType": "Multiband Gradient Echo EPI",
  "ScanOptions": "FS",
  "SequenceName": "epfid2d2_76",
  "ImageType": [
    "ORIGINAL",
    "PRIMARY",
    "FMRI",
    "NONE",
    "MAGNITUDE"
  ],
  "ImageTypeText": [
    "ORIGINAL",
    "PRIMARY",
    "M",
    "MB",
    "TE2",
    "ND",
    "NORM"
  ],
  "NonlinearGradientCorrection": false,
  "SeriesNumber": 38,
  "AcquisitionTime": "11:08:20.757500",
  "AcquisitionDateTime": "2026-07-09T11:08:20.757500",
  "AcquisitionNumber": 1,
  "ImageComments": "Not for diagnostic use, Unaliased MB2/PE4",
  "SliceThickness": 2.8,
  "SpacingBetweenSlices": 2.8,
  "TablePosition": [
    0,
    0,
    0
  ],
  "EchoNumber": 2,
  "EchoTime": 0.03856,
  "RepetitionTime": 1.534,
  "MTState": false,
  "SpoilingState": false,
  "FlipAngle": 50,
  "BaseResolution": 76,
  "ShimSetting": [
    -2874,
    -8809,
    -8942,
    530,
    -82,
    38,
    371,
    168
  ],
  "TxRefAmp": 452.595,
  "PhaseResolution": 1,
  "ReceiveCoilName": "HeadNeck_20_TCS",
  "ReceiveCoilActiveElements": "HE1-4;NE2",
  "CoilString": "HeadNeck_20_TCS",
  "PulseSequenceDetails": "%CustomerSeq%\\cmrr_mbep2d_bold",
  "WipMemBlock": "cd743e72-bfff-4a7d-8ef2-3fc5623259fc||Sequence: R017 nxva60a/main r/aad535ed0; Sep 23 2025 13:47:26 by eja",
  "RefLinesPE": 38,
  "CoilCombinationMethod": "Sum of Squares",
  "ConsistencyInfo": "66010002",
  "MatrixCoilMode": "GRAPPA",
  "MultibandAccelerationFactor": 2,
  "PercentPhaseFOV": 100,
  "PercentSampling": 100,
  "EchoTrainLength": 38,
  "PhaseEncodingSteps": 76,
  "FrequencyEncodingSteps": 76,
  "AcquisitionMatrixPE": 76,
  "ReconMatrixPE": 76,
  "BandwidthPerPixelPhaseEncode": 48.733,
  "ParallelReductionFactorInPlane": 2,
  "ParallelAcquisitionTechnique": "GRAPPA",
  "ParallelReductionFactorOutOfPlane": 1,
  "EffectiveEchoSpacing": 0.00027,
  "DerivedVendorReportedEchoSpacing": 0.000539999,
  "AcquisitionDuration": 279.45,
  "NumberOfKSpaceTrajectories": 1,
  "TotalReadoutTime": 0.02025,
  "PixelBandwidth": 2193,
  "DwellTime": 0.000003,
  "PhaseEncodingDirection": "j",
  "SliceTiming": [
    0,
    0.065,
    0.1325,
    0.1975,
    0.2625,
    0.33,
    0.395,
    0.46,
    0.5275,
    0.5925,
    0.6575,
    0.725,
    0.79,
    0.855,
    0.9225,
    0.9875,
    1.0525,
    1.12,
    1.185,
    1.25,
    1.3175,
    1.3825,
    1.4475,
    0,
    0.065,
    0.1325,
    0.1975,
    0.2625,
    0.33,
    0.395,
    0.46,
    0.5275,
    0.5925,
    0.6575,
    0.725,
    0.79,
    0.855,
    0.9225,
    0.9875,
    1.0525,
    1.12,
    1.185,
    1.25,
    1.3175,
    1.3825,
    1.4475
  ],
  "ImageOrientationPatientDICOM": [
    0.999382,
    -0.000480543,
    -0.0351478,
    -0.00156983,
    0.998299,
    -0.0582848
  ],
  "InPlanePhaseEncodingDirectionDICOM": "COL",
  "BidsGuess": [
    "func",
    "_acq-epfid2p2_dir-PA_run-38_echo-2_bold"
  ],
  "ConversionSoftware": "dcm2niix",
  "ConversionSoftwareVersion": "v1.0.20260627",
  "TaskName": "rest"
}
