{
  "Modality": "MR",
  "MagneticFieldStrength": 3,
  "ImagingFrequency": 123.25231,
  "Manufacturer": "Siemens",
  "ManufacturersModelName": "MAGNETOM Vida",
  "InstitutionName": "UNIVERSITY OF SOUTH CAROLINA",
  "InstitutionalDepartmentName": "None",
  "InstitutionAddress": " ,COLUMBIA,SOUTH CAROLINA,US,",
  "DeviceSerialNumber": "177514",
  "StationName": "AWP177514",
  "SeriesInstanceUID": "1.3.12.2.1107.5.2.50.177514.2026070911080371558845332.0.0.0",
  "StudyInstanceUID": "1.3.12.2.1107.5.2.50.177514.30000026070716143061800000011",
  "StudyID": "0c644172-cce4-4a",
  "BodyPart": "BRAIN",
  "PatientPosition": "HFS",
  "ProcedureStepDescription": "crlab generic",
  "SoftwareVersions": "syngo MR XA60",
  "MRAcquisitionType": "2D",
  "StudyDescription": "crlab generic",
  "SeriesDescription": "func-bold_task-rest_acq-2d-2echo_run-2_SBRef_Pha",
  "ProtocolName": "func-bold_task-rest_acq-2d-2echo_run-2",
  "ScanningSequence": "EP",
  "SequenceVariant": "SK\\SS",
  "PulseSequenceType": "Gradient Echo EPI",
  "ScanOptions": "FS",
  "SequenceName": "epfid2d2_76",
  "ImageType": [
    "ORIGINAL",
    "PRIMARY",
    "FMRI",
    "NONE",
    "PHASE"
  ],
  "ImageTypeText": [
    "ORIGINAL",
    "PRIMARY",
    "P",
    "TE2",
    "ND"
  ],
  "NonlinearGradientCorrection": false,
  "SeriesNumber": 37,
  "AcquisitionTime": "11:08:14.622500",
  "AcquisitionDateTime": "2026-07-09T11:08:14.622500",
  "AcquisitionNumber": 1,
  "ImageComments": "Not for diagnostic use, Single-band reference",
  "SliceThickness": 2.8,
  "SpacingBetweenSlices": 2.8,
  "TablePosition": [
    0,
    0,
    0
  ],
  "EchoNumber": 2,
  "EchoTime": 0.03856,
  "RepetitionTime": 1.534,
  "MTState": false,
  "SpoilingState": false,
  "FlipAngle": 50,
  "EchoTime1": 0.0168,
  "EchoTime2": 0.03856,
  "BaseResolution": 76,
  "ShimSetting": [
    -2874,
    -8809,
    -8942,
    530,
    -82,
    38,
    371,
    168
  ],
  "TxRefAmp": 452.595,
  "PhaseResolution": 1,
  "ReceiveCoilName": "HeadNeck_20_TCS",
  "ReceiveCoilActiveElements": "HE1-4;NE2",
  "CoilString": "HeadNeck_20_TCS",
  "PulseSequenceDetails": "%CustomerSeq%\\cmrr_mbep2d_bold",
  "WipMemBlock": "cd743e72-bfff-4a7d-8ef2-3fc5623259fc||Sequence: R017 nxva60a/main r/aad535ed0; Sep 23 2025 13:47:26 by eja",
  "RefLinesPE": 38,
  "CoilCombinationMethod": "Sum of Squares",
  "ConsistencyInfo": "66010002",
  "MatrixCoilMode": "GRAPPA",
  "PercentPhaseFOV": 100,
  "PercentSampling": 100,
  "EchoTrainLength": 38,
  "PhaseEncodingSteps": 76,
  "FrequencyEncodingSteps": 76,
  "AcquisitionMatrixPE": 76,
  "ReconMatrixPE": 76,
  "BandwidthPerPixelPhaseEncode": 48.733,
  "ParallelReductionFactorInPlane": 2,
  "ParallelAcquisitionTechnique": "GRAPPA",
  "ParallelReductionFactorOutOfPlane": 1,
  "EffectiveEchoSpacing": 0.00027,
  "DerivedVendorReportedEchoSpacing": 0.000539999,
  "AcquisitionDuration": 280.962,
  "NumberOfKSpaceTrajectories": 1,
  "TotalReadoutTime": 0.02025,
  "PixelBandwidth": 2193,
  "DwellTime": 0.000003,
  "PhaseEncodingDirection": "j",
  "SliceTiming": [
    3.1025,
    3.1675,
    3.235,
    3.3,
    3.365,
    3.4325,
    3.4975,
    3.5625,
    3.63,
    3.695,
    3.76,
    3.8275,
    3.8925,
    3.9575,
    4.025,
    4.09,
    4.155,
    4.2225,
    4.2875,
    4.3525,
    4.42,
    4.485,
    4.55,
    4.6175,
    4.6825,
    4.7475,
    4.815,
    4.88,
    4.945,
    5.0125,
    5.0775,
    5.1425,
    5.21,
    5.275,
    5.34,
    5.4075,
    5.4725,
    5.5375,
    5.605,
    5.67,
    5.735,
    5.8025,
    5.8675,
    5.9325,
    6,
    6.065
  ],
  "ImageOrientationPatientDICOM": [
    0.999382,
    -0.000480543,
    -0.0351478,
    -0.00156983,
    0.998299,
    -0.0582848
  ],
  "InPlanePhaseEncodingDirectionDICOM": "COL",
  "BidsGuess": [
    "func",
    "_acq-epfid2p2_dir-PA_run-37_echo-2_part-phase_sbref"
  ],
  "ConversionSoftware": "dcm2niix",
  "ConversionSoftwareVersion": "v1.0.20260627",
  "Units": "arbitrary",
  "TaskName": "rest"
}
